GEM
  remote: https://rubygems.org/
  specs:
    ast (2.4.0)
    jaro_winkler (1.5.4)
    minitest (5.13.0)
    parallel (1.18.0)
    parser (2.7.1.2)
      ast (~> 2.4.0)
    rainbow (3.0.0)
    rexml (3.2.8)
      strscan (>= 3.0.9)
    rubocop (0.82.0)
      jaro_winkler (~> 1.5.1)
      parallel (~> 1.10)
      parser (>= 2.7.0.1)
      rainbow (>= 2.2.2, < 4.0)
      rexml
      ruby-progressbar (~> 1.7)
      unicode-display_width (>= 1.4.0, < 2.0)
    ruby-progressbar (1.10.1)
    strscan (3.1.0)
    unicode-display_width (1.6.0)

PLATFORMS
  ruby

DEPENDENCIES
  minitest
  rubocop

BUNDLED WITH
   2.1.4
